Brain Vision Data Exchange Header File Version 1.0
; Data created by the Vision Recorder

[Common Infos]
Codepage=UTF-8
DataFile=18.eeg
MarkerFile=18.vmrk
DataFormat=BINARY
; Data orientation: MULTIPLEXED=ch1,pt1, ch2,pt1 ...
DataOrientation=MULTIPLEXED
NumberOfChannels=1
; Sampling interval in microseconds
SamplingInterval=1000

[Binary Infos]
BinaryFormat=INT_16

[Channel Infos]
; Each entry: Ch<Channel number>=<Name>,<Reference channel name>,
; <Resolution in "Unit">,<Unit>, Future extensions..
; Fields are delimited by commas, some fields might be omitted (empty).
; Commas in channel names are coded as "\1".
Ch1=GSR_MR_100_xx,,0.006104,µS

[Comment]

BrainVision Recorder Professional   -   V. 1.20.0701


A m p l i f i e r  S e t u p
============================
Number of channels: 1
Sampling Rate [Hz]: 1000
Sampling Interval [µS]: 1000

Channels
--------
#     Name      Phys. Chn.    Resolution / Unit   Low Cutoff [s]   High Cutoff [Hz]   Notch [Hz]    Series Res. [kOhm] Gradient         Offset
1     GSR_MR_100_xx16          0.006104 µS             DC             1000              Off                0           25[mV/µS]       0[mV] = 0[µS]

S o f t w a r e  F i l t e r s
==============================
Disabled


No impedance values available at 09:12:45!
